{
  "Modality": "MR",
  "MagneticFieldStrength": 3,
  "ImagingFrequency": 123.247,
  "Manufacturer": "Siemens",
  "ManufacturersModelName": "Prisma_fit",
  "InstitutionName": "Washington_University",
  "InstitutionalDepartmentName": "Department",
  "InstitutionAddress": "Scott_Ave_4525_St._Louis_MO_US_63110",
  "DeviceSerialNumber": "67064",
  "StationName": "MRC35177",
  "BodyPartExamined": "HEAD",
  "PatientPosition": "HFS",
  "ProcedureStepDescription": "head_Braver",
  "SoftwareVersions": "syngo_MR_E11",
  "MRAcquisitionType": "2D",
  "SeriesDescription": "SpinEchoFieldMap_AP",
  "ProtocolName": "SpinEchoFieldMap_AP",
  "ScanningSequence": "EP",
  "SequenceVariant": "SK",
  "ScanOptions": "FS",
  "SequenceName": "epse2d1_90",
  "ImageType": [
    "ORIGINAL",
    "PRIMARY",
    "M",
    "ND",
    "MOSAIC"
  ],
  "SeriesNumber": 9,
  "AcquisitionTime": "09:14:54.597500",
  "AcquisitionNumber": 1,
  "SliceThickness": 2.4,
  "SpacingBetweenSlices": 2.4,
  "SAR": 0.159795,
  "EchoTime": 0.06,
  "RepetitionTime": 6.1,
  "FlipAngle": 90,
  "PartialFourier": 1,
  "BaseResolution": 90,
  "ShimSetting": [
    -1999,
    -11479,
    5728,
    627,
    113,
    117,
    -90,
    -39
  ],
  "TxRefAmp": 238.557,
  "PhaseResolution": 1,
  "VendorReportedEchoSpacing": 0.00059,
  "ReceiveCoilName": "Head_32",
  "ReceiveCoilActiveElements": "HEA;HEP",
  "PulseSequenceDetails": "%CustomerSeq%_cmrr_mbep2d_se",
  "WipMemBlock": "0ba99f4a-43ab-41cd-bfd5-1cf73058ac63||Sequence: ve11c/master r/b8bea8f; Mar  2 2017 17:17:24 by eja",
  "ConsistencyInfo": "N4_VE11C_LATEST_20160120",
  "PercentPhaseFOV": 100,
  "EchoTrainLength": 90,
  "PhaseEncodingSteps": 90,
  "AcquisitionMatrixPE": 90,
  "ReconMatrixPE": 90,
  "BandwidthPerPixelPhaseEncode": 18.832,
  "EffectiveEchoSpacing": 0.000590012,
  "DerivedVendorReportedEchoSpacing": 0.000590012,
  "TotalReadoutTime": 0.0525111,
  "PixelBandwidth": 2220,
  "DwellTime": 2.5e-06,
  "PhaseEncodingDirection": "j-",
  "SliceTiming": [
    3.04,
    0,
    3.1425,
    0.1025,
    3.2425,
    0.2025,
    3.345,
    0.305,
    3.445,
    0.405,
    3.5475,
    0.5075,
    3.6475,
    0.6075,
    3.75,
    0.71,
    3.85,
    0.81,
    3.9525,
    0.9125,
    4.0525,
    1.015,
    4.155,
    1.115,
    4.2575,
    1.2175,
    4.3575,
    1.3175,
    4.46,
    1.42,
    4.56,
    1.52,
    4.6625,
    1.6225,
    4.7625,
    1.7225,
    4.865,
    1.825,
    4.965,
    1.925,
    5.0675,
    2.0275,
    5.1675,
    2.1275,
    5.27,
    2.23,
    5.37,
    2.33,
    5.4725,
    2.4325,
    5.5725,
    2.535,
    5.675,
    2.635,
    5.7775,
    2.7375,
    5.8775,
    2.8375,
    5.98,
    2.94
  ],
  "ImageOrientationPatientDICOM": [
    0.999823,
    -0.0187917,
    0.000132368,
    0.0165792,
    0.878745,
    -0.477004
  ],
  "InPlanePhaseEncodingDirectionDICOM": "COL",
  "ConversionSoftware": "dcm2niix",
  "ConversionSoftwareVersion": "v1.0.20190902",
  "IntendedFor": "ses-wave1rea/func/sub-f1670rz_ses-wave1rea_task-Rest_acq-mb4PA_run-2_bold.nii.gz"
}
