{
  "Modality": "MR",
  "MagneticFieldStrength": 3,
  "ImagingFrequency": 123.247,
  "Manufacturer": "Siemens",
  "ManufacturersModelName": "Prisma_fit",
  "InstitutionName": "Washington_University",
  "InstitutionalDepartmentName": "Department",
  "InstitutionAddress": "Scott_Ave_4525_St._Louis_MO_US_63110",
  "DeviceSerialNumber": "67064",
  "StationName": "MRC35177",
  "BodyPartExamined": "HEAD",
  "PatientPosition": "HFS",
  "ProcedureStepDescription": "head_Braver",
  "SoftwareVersions": "syngo_MR_E11",
  "MRAcquisitionType": "2D",
  "SeriesDescription": "SpinEchoFieldMap_PA",
  "ProtocolName": "SpinEchoFieldMap_PA",
  "ScanningSequence": "EP",
  "SequenceVariant": "SK",
  "ScanOptions": "FS",
  "SequenceName": "epse2d1_90",
  "ImageType": [
    "ORIGINAL",
    "PRIMARY",
    "M",
    "ND",
    "MOSAIC"
  ],
  "SeriesNumber": 39,
  "AcquisitionTime": "11:01:19.810000",
  "AcquisitionNumber": 1,
  "SliceThickness": 2.4,
  "SpacingBetweenSlices": 2.4,
  "SAR": 0.171868,
  "EchoTime": 0.06,
  "RepetitionTime": 6.1,
  "FlipAngle": 90,
  "PartialFourier": 1,
  "BaseResolution": 90,
  "ShimSetting": [
    -2007,
    -11478,
    5828,
    382,
    120,
    85,
    184,
    -13
  ],
  "TxRefAmp": 247.128,
  "PhaseResolution": 1,
  "VendorReportedEchoSpacing": 0.00059,
  "ReceiveCoilName": "Head_32",
  "ReceiveCoilActiveElements": "HEA;HEP",
  "PulseSequenceDetails": "%CustomerSeq%_cmrr_mbep2d_se",
  "WipMemBlock": "5ed42bb4-466e-425e-a135-60d4c6b41c58||Sequence: ve11c/master r/ab69a6c; Apr 19 2017 10:08:21 by eja",
  "ConsistencyInfo": "N4_VE11C_LATEST_20160120",
  "PercentPhaseFOV": 100,
  "EchoTrainLength": 90,
  "PhaseEncodingSteps": 90,
  "AcquisitionMatrixPE": 90,
  "ReconMatrixPE": 90,
  "BandwidthPerPixelPhaseEncode": 18.832,
  "EffectiveEchoSpacing": 0.000590012,
  "DerivedVendorReportedEchoSpacing": 0.000590012,
  "TotalReadoutTime": 0.0525111,
  "PixelBandwidth": 2220,
  "DwellTime": 2.5e-06,
  "PhaseEncodingDirection": "j",
  "SliceTiming": [
    3.0375,
    0,
    3.14,
    0.1,
    3.2425,
    0.2025,
    3.3425,
    0.3025,
    3.445,
    0.405,
    3.545,
    0.505,
    3.6475,
    0.6075,
    3.7475,
    0.7075,
    3.85,
    0.81,
    3.95,
    0.91,
    4.0525,
    1.0125,
    4.1525,
    1.1125,
    4.255,
    1.215,
    4.355,
    1.315,
    4.4575,
    1.4175,
    4.5575,
    1.52,
    4.66,
    1.62,
    4.7625,
    1.7225,
    4.8625,
    1.8225,
    4.965,
    1.925,
    5.065,
    2.025,
    5.1675,
    2.1275,
    5.2675,
    2.2275,
    5.37,
    2.33,
    5.47,
    2.43,
    5.5725,
    2.5325,
    5.6725,
    2.6325,
    5.775,
    2.735,
    5.875,
    2.835,
    5.9775,
    2.9375
  ],
  "ImageOrientationPatientDICOM": [
    0.999248,
    0.0344374,
    0.0177932,
    -0.0244212,
    0.915775,
    -0.400948
  ],
  "InPlanePhaseEncodingDirectionDICOM": "COL",
  "ConversionSoftware": "dcm2niix",
  "ConversionSoftwareVersion": "v1.0.20181125  GCC5.4.0",
  "IntendedFor": [
    "ses-wave1bas/func/sub-f3720ca_ses-wave1bas_task-Axcpt_acq-mb4AP_run-1_bold.nii.gz",
    "ses-wave1bas/func/sub-f3720ca_ses-wave1bas_task-Stern_acq-mb4AP_run-1_bold.nii.gz"
  ]
}
