{
  "Modality": "MR",
  "MagneticFieldStrength": 3,
  "ImagingFrequency": 123.247,
  "Manufacturer": "Siemens",
  "ManufacturersModelName": "Prisma_fit",
  "InstitutionName": "Washington_University",
  "InstitutionalDepartmentName": "Department",
  "InstitutionAddress": "Scott_Ave_4525_St._Louis_MO_US_63110",
  "DeviceSerialNumber": "67064",
  "StationName": "MRC35177",
  "BodyPartExamined": "HEAD",
  "PatientPosition": "HFS",
  "ProcedureStepDescription": "head_Braver",
  "SoftwareVersions": "syngo_MR_E11",
  "MRAcquisitionType": "2D",
  "SeriesDescription": "rfMRI_Rest1_AP_SBRef",
  "ProtocolName": "rfMRI_Rest1_AP",
  "ScanningSequence": "EP",
  "SequenceVariant": "SK_SS",
  "ScanOptions": "FS_EXT",
  "SequenceName": "epfid2d1_90",
  "ImageType": [
    "ORIGINAL",
    "PRIMARY",
    "M",
    "ND",
    "MOSAIC"
  ],
  "SeriesNumber": 15,
  "AcquisitionTime": "19:38:17.480000",
  "AcquisitionNumber": 1,
  "ImageComments": "Single-band_reference",
  "SliceThickness": 2.4,
  "SpacingBetweenSlices": 2.4,
  "SAR": 0.058154,
  "EchoTime": 0.033,
  "RepetitionTime": 1.2,
  "FlipAngle": 63,
  "PartialFourier": 1,
  "BaseResolution": 90,
  "ShimSetting": [
    -1969,
    -11520,
    5748,
    600,
    97,
    270,
    99,
    -45
  ],
  "TxRefAmp": 244.639,
  "PhaseResolution": 1,
  "VendorReportedEchoSpacing": 0.00059,
  "ReceiveCoilName": "Head_32",
  "ReceiveCoilActiveElements": "HEA;HEP",
  "PulseSequenceDetails": "%CustomerSeq%_cmrr_mbep2d_bold",
  "WipMemBlock": "a58590a4-8203-442d-bd5e-212b71778167||Sequence: R016 ve11c/master r/e634e98; Dec 19 2017 11:00:25 by eja",
  "ConsistencyInfo": "N4_VE11C_LATEST_20160120",
  "PercentPhaseFOV": 100,
  "EchoTrainLength": 90,
  "PhaseEncodingSteps": 90,
  "AcquisitionMatrixPE": 90,
  "ReconMatrixPE": 90,
  "BandwidthPerPixelPhaseEncode": 18.832,
  "EffectiveEchoSpacing": 0.000590012,
  "DerivedVendorReportedEchoSpacing": 0.000590012,
  "TotalReadoutTime": 0.0525111,
  "PixelBandwidth": 2220,
  "DwellTime": 2.5e-06,
  "PhaseEncodingDirection": "j-",
  "SliceTiming": [
    0,
    0.08,
    0.1575,
    0.2375,
    0.315,
    0.395,
    0.4725,
    0.5525,
    0.63,
    0.7075,
    0.7875,
    0.865,
    0.945,
    1.0225,
    1.1025,
    1.18,
    1.26,
    1.3375,
    1.4175,
    1.495,
    1.575,
    1.6525,
    1.7325,
    1.81,
    1.8875,
    1.9675,
    2.045,
    2.125,
    2.2025,
    2.2825,
    2.36,
    2.44,
    2.5175,
    2.5975,
    2.675,
    2.755,
    2.8325,
    2.91,
    2.99,
    3.0675,
    3.1475,
    3.225,
    3.305,
    3.3825,
    3.4625,
    3.54,
    3.62,
    3.6975,
    3.7775,
    3.855,
    3.935,
    4.0125,
    4.09,
    4.17,
    4.2475,
    4.3275,
    4.405,
    4.485,
    4.5625,
    4.6425
  ],
  "ImageOrientationPatientDICOM": [
    0.995255,
    0.0236458,
    0.0943895,
    0.0050375,
    0.956204,
    -0.292658
  ],
  "InPlanePhaseEncodingDirectionDICOM": "COL",
  "ConversionSoftware": "dcm2niix",
  "ConversionSoftwareVersion": "v1.0.20181125  GCC5.4.0",
  "TaskName": "Rest"
}