{
  "Modality": "MR",
  "MagneticFieldStrength": 3,
  "ImagingFrequency": 123.247,
  "Manufacturer": "Siemens",
  "ManufacturersModelName": "Prisma_fit",
  "InstitutionName": "Washington_University",
  "InstitutionalDepartmentName": "Department",
  "InstitutionAddress": "Scott_Ave_4525_St._Louis_MO_US_63110",
  "DeviceSerialNumber": "67064",
  "StationName": "MRC35177",
  "BodyPartExamined": "HEAD",
  "PatientPosition": "HFS",
  "ProcedureStepDescription": "head_Braver",
  "SoftwareVersions": "syngo_MR_E11",
  "MRAcquisitionType": "2D",
  "SeriesDescription": "SpinEchoFieldMap_AP",
  "ProtocolName": "SpinEchoFieldMap_AP",
  "ScanningSequence": "EP",
  "SequenceVariant": "SK",
  "ScanOptions": "FS_EXT",
  "SequenceName": "epse2d1_90",
  "ImageType": [
    "ORIGINAL",
    "PRIMARY",
    "M",
    "ND",
    "MOSAIC"
  ],
  "SeriesNumber": 45,
  "AcquisitionTime": "14:38:49.862500",
  "AcquisitionNumber": 1,
  "SliceThickness": 2.4,
  "SpacingBetweenSlices": 2.4,
  "SAR": 0.170363,
  "EchoTime": 0.06,
  "RepetitionTime": 6.1,
  "FlipAngle": 90,
  "PartialFourier": 1,
  "BaseResolution": 90,
  "ShimSetting": [
    -2003,
    -11447,
    5790,
    557,
    0,
    346,
    15,
    -31
  ],
  "TxRefAmp": 247.687,
  "PhaseResolution": 1,
  "VendorReportedEchoSpacing": 0.00059,
  "ReceiveCoilName": "Head_32",
  "ReceiveCoilActiveElements": "HEA;HEP",
  "PulseSequenceDetails": "%CustomerSeq%_cmrr_mbep2d_se",
  "WipMemBlock": "15ac83a2-582e-4cb2-a567-1dce38f6ec2b||Sequence: ve11b/master r/93e61f0; Jul 21 2016 00:19:18 by eja",
  "ConsistencyInfo": "N4_VE11B_LATEST_20150530",
  "PercentPhaseFOV": 100,
  "EchoTrainLength": 90,
  "PhaseEncodingSteps": 90,
  "AcquisitionMatrixPE": 90,
  "ReconMatrixPE": 90,
  "BandwidthPerPixelPhaseEncode": 18.832,
  "EffectiveEchoSpacing": 0.000590012,
  "DerivedVendorReportedEchoSpacing": 0.000590012,
  "TotalReadoutTime": 0.0525111,
  "PixelBandwidth": 2220,
  "DwellTime": 2.5e-06,
  "PhaseEncodingDirection": "j-",
  "SliceTiming": [
    3.04,
    0,
    3.14,
    0.1,
    3.2425,
    0.2025,
    3.3425,
    0.3025,
    3.445,
    0.405,
    3.545,
    0.505,
    3.6475,
    0.6075,
    3.7475,
    0.7075,
    3.85,
    0.81,
    3.95,
    0.91,
    4.0525,
    1.0125,
    4.1525,
    1.1125,
    4.255,
    1.215,
    4.355,
    1.315,
    4.4575,
    1.4175,
    4.5575,
    1.52,
    4.66,
    1.62,
    4.7625,
    1.7225,
    4.8625,
    1.8225,
    4.965,
    1.925,
    5.065,
    2.025,
    5.1675,
    2.1275,
    5.2675,
    2.2275,
    5.37,
    2.33,
    5.47,
    2.43,
    5.5725,
    2.5325,
    5.6725,
    2.6325,
    5.775,
    2.735,
    5.875,
    2.835,
    5.9775,
    2.9375
  ],
  "ImageOrientationPatientDICOM": [
    0.999297,
    -0.00382778,
    -0.0372936,
    -0.0137792,
    0.887642,
    -0.460328
  ],
  "InPlanePhaseEncodingDirectionDICOM": "COL",
  "ConversionSoftware": "dcm2niix",
  "ConversionSoftwareVersion": "v1.0.20181125  GCC5.4.0",
  "IntendedFor": [
    "ses-wave1bas/func/sub-f5407sl_ses-wave1bas_task-Axcpt_acq-mb4PA_run-2_bold.nii.gz",
    "ses-wave1bas/func/sub-f5407sl_ses-wave1bas_task-Stern_acq-mb4PA_run-2_bold.nii.gz",
    "ses-wave1bas/func/sub-f5407sl_ses-wave1bas_task-Rest_acq-mb4PA_run-2_bold.nii.gz"
  ]
}
