{
  "Modality": "MR",
  "MagneticFieldStrength": 3,
  "ImagingFrequency": 123.247,
  "Manufacturer": "Siemens",
  "ManufacturersModelName": "Prisma_fit",
  "InstitutionName": "Washington_University",
  "InstitutionalDepartmentName": "Department",
  "InstitutionAddress": "Scott_Ave_4525_St._Louis_MO_US_63110",
  "DeviceSerialNumber": "67064",
  "StationName": "MRC35177",
  "BodyPartExamined": "HEAD",
  "PatientPosition": "HFS",
  "ProcedureStepDescription": "head_Braver",
  "SoftwareVersions": "syngo_MR_E11",
  "MRAcquisitionType": "2D",
  "SeriesDescription": "rfMRI_Rest2_PA",
  "ProtocolName": "rfMRI_Rest2_PA",
  "ScanningSequence": "EP",
  "SequenceVariant": "SK_SS",
  "ScanOptions": "FS_EXT",
  "SequenceName": "epfid2d1_90",
  "ImageType": [
    "ORIGINAL",
    "PRIMARY",
    "M",
    "MB",
    "ND",
    "MOSAIC"
  ],
  "SeriesNumber": 48,
  "AcquisitionTime": "14:41:12.420000",
  "AcquisitionNumber": 1,
  "ImageComments": "Unaliased_MB4_PE3_LB",
  "SliceThickness": 2.4,
  "SpacingBetweenSlices": 2.4,
  "SAR": 0.0721329,
  "EchoTime": 0.033,
  "RepetitionTime": 1.2,
  "FlipAngle": 63,
  "PartialFourier": 1,
  "BaseResolution": 90,
  "ShimSetting": [
    -2003,
    -11447,
    5790,
    557,
    0,
    346,
    15,
    -31
  ],
  "TxRefAmp": 247.687,
  "PhaseResolution": 1,
  "VendorReportedEchoSpacing": 0.00059,
  "ReceiveCoilName": "Head_32",
  "ReceiveCoilActiveElements": "HEA;HEP",
  "PulseSequenceDetails": "%CustomerSeq%_cmrr_mbep2d_bold",
  "WipMemBlock": "f89ea8c3-31c9-4873-9d1c-8b65c9430693||Sequence: ve11b/master r/93e61f0; Jul 21 2016 00:18:29 by eja",
  "ConsistencyInfo": "N4_VE11B_LATEST_20150530",
  "MultibandAccelerationFactor": 4,
  "PercentPhaseFOV": 100,
  "EchoTrainLength": 90,
  "PhaseEncodingSteps": 90,
  "AcquisitionMatrixPE": 90,
  "ReconMatrixPE": 90,
  "BandwidthPerPixelPhaseEncode": 18.832,
  "EffectiveEchoSpacing": 0.000590012,
  "DerivedVendorReportedEchoSpacing": 0.000590012,
  "TotalReadoutTime": 0.0525111,
  "PixelBandwidth": 2220,
  "DwellTime": 2.5e-06,
  "PhaseEncodingDirection": "j",
  "SliceTiming": [
    0,
    0.63,
    0.08,
    0.71,
    0.1575,
    0.7875,
    0.2375,
    0.865,
    0.315,
    0.945,
    0.395,
    1.0225,
    0.4725,
    1.1025,
    0.5525,
    0,
    0.63,
    0.08,
    0.71,
    0.1575,
    0.7875,
    0.2375,
    0.865,
    0.315,
    0.945,
    0.395,
    1.0225,
    0.4725,
    1.1025,
    0.5525,
    0,
    0.63,
    0.08,
    0.71,
    0.1575,
    0.7875,
    0.2375,
    0.865,
    0.315,
    0.945,
    0.395,
    1.0225,
    0.4725,
    1.1025,
    0.5525,
    0,
    0.63,
    0.08,
    0.71,
    0.1575,
    0.7875,
    0.2375,
    0.865,
    0.315,
    0.945,
    0.395,
    1.0225,
    0.4725,
    1.1025,
    0.5525
  ],
  "ImageOrientationPatientDICOM": [
    0.999297,
    -0.00382778,
    -0.0372936,
    -0.0137792,
    0.887642,
    -0.460328
  ],
  "InPlanePhaseEncodingDirectionDICOM": "COL",
  "ConversionSoftware": "dcm2niix",
  "ConversionSoftwareVersion": "v1.0.20181125  GCC5.4.0",
  "TaskName": "Rest"
}