{
	"Modality": "MR",
	"MagneticFieldStrength": 3,
	"ImagingFrequency": 123.247,
	"Manufacturer": "Siemens",
	"ManufacturersModelName": "Prisma_fit",
	"InstitutionName": "Washington_University",
	"InstitutionalDepartmentName": "Department",
	"InstitutionAddress": "Scott_Ave_4525_St._Louis_MO_US_63110",
	"DeviceSerialNumber": "67064",
	"StationName": "MRC35177",
	"BodyPartExamined": "HEAD",
	"PatientPosition": "HFS",
	"ProcedureStepDescription": "head_Braver",
	"SoftwareVersions": "syngo_MR_E11",
	"MRAcquisitionType": "3D",
	"SeriesDescription": "T2w_SPC",
	"ProtocolName": "T2w_SPC",
	"ScanningSequence": "SE",
	"SequenceVariant": "SK_SP",
	"ScanOptions": "PFP",
	"SequenceName": "_spc_314ns",
	"ImageType": ["ORIGINAL", "PRIMARY", "M", "ND"],
	"SeriesNumber": 13,
	"AcquisitionTime": "13:31:10.282500",
	"AcquisitionNumber": 1,
	"SliceThickness": 0.8,
	"SAR": 0.13729,
	"EchoTime": 0.563,
	"RepetitionTime": 3.2,
	"FlipAngle": 120,
	"PartialFourier": 1,
	"BaseResolution": 320,
	"ShimSetting": [
		-1992,
		-11463,
		5731,
		607,
		149,
		85,
		-113,
		-13	],
	"TxRefAmp": 238.026,
	"PhaseResolution": 1,
	"ReceiveCoilName": "Head_32",
	"ReceiveCoilActiveElements": "HEA;HEP",
	"PulseSequenceDetails": "%SiemensSeq%_tse_vfl",
	"ConsistencyInfo": "N4_VE11C_LATEST_20160120",
	"PercentPhaseFOV": 93.75,
	"EchoTrainLength": 314,
	"PhaseEncodingSteps": 297,
	"AcquisitionMatrixPE": 300,
	"ReconMatrixPE": 320,
	"PixelBandwidth": 745,
	"DwellTime": 2.1e-06,
	"ImageOrientationPatientDICOM": [
		0.00685713,
		0.983935,
		-0.178394,
		0.0510351,
		-0.17851,
		-0.982614	],
	"InPlanePhaseEncodingDirectionDICOM": "ROW",
	"ConversionSoftware": "dcm2niix",
	"ConversionSoftwareVersion": "v1.0.20181125  GCC5.4.0"
}
