{
  "Modality": "MR",
  "MagneticFieldStrength": 3,
  "ImagingFrequency": 123.247,
  "Manufacturer": "Siemens",
  "ManufacturersModelName": "Prisma_fit",
  "InstitutionName": "Washington_University",
  "InstitutionalDepartmentName": "Department",
  "InstitutionAddress": "Scott_Ave_4525_St._Louis_MO_US_63110",
  "DeviceSerialNumber": "67064",
  "StationName": "MRC35177",
  "BodyPartExamined": "HEAD",
  "PatientPosition": "HFS",
  "ProcedureStepDescription": "head_Braver",
  "SoftwareVersions": "syngo_MR_E11",
  "MRAcquisitionType": "2D",
  "SeriesDescription": "tfMRI_SternBas2_PA",
  "ProtocolName": "tfMRI_SternBas2_PA",
  "ScanningSequence": "EP",
  "SequenceVariant": "SK_SS",
  "ScanOptions": "FS_EXT",
  "SequenceName": "epfid2d1_90",
  "ImageType": [
    "ORIGINAL",
    "PRIMARY",
    "M",
    "MB",
    "ND",
    "MOSAIC"
  ],
  "SeriesNumber": 42,
  "AcquisitionTime": "18:19:36.957500",
  "AcquisitionNumber": 1,
  "ImageComments": "Unaliased_MB4_PE3_LB",
  "SliceThickness": 2.4,
  "SpacingBetweenSlices": 2.4,
  "SAR": 0.081069,
  "EchoTime": 0.033,
  "RepetitionTime": 1.2,
  "FlipAngle": 63,
  "PartialFourier": 1,
  "BaseResolution": 90,
  "ShimSetting": [
    -1998,
    -11485,
    5852,
    453,
    42,
    206,
    150,
    -21
  ],
  "TxRefAmp": 249.319,
  "PhaseResolution": 1,
  "VendorReportedEchoSpacing": 0.00059,
  "ReceiveCoilName": "Head_32",
  "ReceiveCoilActiveElements": "HEA;HEP",
  "PulseSequenceDetails": "%CustomerSeq%_cmrr_mbep2d_bold",
  "WipMemBlock": "2b9e87ae-a38e-4b6a-b80a-e27072140a6c||Sequence: ve11b/master r/93e61f0; Jul 21 2016 00:18:29 by eja",
  "ConsistencyInfo": "N4_VE11B_LATEST_20150530",
  "MultibandAccelerationFactor": 4,
  "PercentPhaseFOV": 100,
  "EchoTrainLength": 90,
  "PhaseEncodingSteps": 90,
  "AcquisitionMatrixPE": 90,
  "ReconMatrixPE": 90,
  "BandwidthPerPixelPhaseEncode": 18.832,
  "EffectiveEchoSpacing": 0.000590012,
  "DerivedVendorReportedEchoSpacing": 0.000590012,
  "TotalReadoutTime": 0.0525111,
  "PixelBandwidth": 2220,
  "DwellTime": 2.5e-06,
  "PhaseEncodingDirection": "j",
  "SliceTiming": [
    0,
    0.6275,
    0.0775,
    0.7075,
    0.1575,
    0.785,
    0.235,
    0.865,
    0.315,
    0.9425,
    0.3925,
    1.0225,
    0.4725,
    1.1,
    0.55,
    0,
    0.6275,
    0.0775,
    0.7075,
    0.1575,
    0.785,
    0.235,
    0.865,
    0.315,
    0.9425,
    0.3925,
    1.0225,
    0.4725,
    1.1,
    0.55,
    0,
    0.6275,
    0.0775,
    0.7075,
    0.1575,
    0.785,
    0.235,
    0.865,
    0.315,
    0.9425,
    0.3925,
    1.0225,
    0.4725,
    1.1,
    0.55,
    0,
    0.6275,
    0.0775,
    0.7075,
    0.1575,
    0.785,
    0.235,
    0.865,
    0.315,
    0.9425,
    0.3925,
    1.0225,
    0.4725,
    1.1,
    0.55
  ],
  "ImageOrientationPatientDICOM": [
    0.99977,
    -0.00870531,
    0.0196038,
    0.0150075,
    0.93688,
    -0.34933
  ],
  "InPlanePhaseEncodingDirectionDICOM": "COL",
  "ConversionSoftware": "dcm2niix",
  "ConversionSoftwareVersion": "v1.0.20181125  GCC5.4.0",
  "TaskName": "Stern"
}