{
  "Modality": "MR",
  "MagneticFieldStrength": 3,
  "ImagingFrequency": 123.247,
  "Manufacturer": "Siemens",
  "ManufacturersModelName": "Prisma_fit",
  "InstitutionName": "Washington_University",
  "InstitutionalDepartmentName": "Department",
  "InstitutionAddress": "Scott_Ave_4525_St._Louis_MO_US_63110",
  "DeviceSerialNumber": "67064",
  "StationName": "MRC35177",
  "BodyPartExamined": "HEAD",
  "PatientPosition": "HFS",
  "ProcedureStepDescription": "head_Braver",
  "SoftwareVersions": "syngo_MR_E11",
  "MRAcquisitionType": "2D",
  "SeriesDescription": "rfMRI_Rest3_AP_SBRef",
  "ProtocolName": "rfMRI_Rest3_AP",
  "ScanningSequence": "EP",
  "SequenceVariant": "SK_SS",
  "ScanOptions": "FS_EXT",
  "SequenceName": "epfid2d1_90",
  "ImageType": [
    "ORIGINAL",
    "PRIMARY",
    "M",
    "ND",
    "MOSAIC"
  ],
  "SeriesNumber": 25,
  "AcquisitionTime": "19:20:44.167500",
  "AcquisitionNumber": 1,
  "ImageComments": "Single-band_reference",
  "SliceThickness": 2.4,
  "SpacingBetweenSlices": 2.4,
  "SAR": 0.0734683,
  "EchoTime": 0.033,
  "RepetitionTime": 1.2,
  "FlipAngle": 63,
  "PartialFourier": 1,
  "BaseResolution": 90,
  "ShimSetting": [
    -1990,
    -11464,
    5802,
    554,
    47,
    387,
    -26,
    -42
  ],
  "TxRefAmp": 245.053,
  "PhaseResolution": 1,
  "VendorReportedEchoSpacing": 0.00059,
  "ReceiveCoilName": "Head_32",
  "ReceiveCoilActiveElements": "HEP",
  "PulseSequenceDetails": "%CustomerSeq%_cmrr_mbep2d_bold",
  "WipMemBlock": "5acd011f-5d82-4635-ba0b-bc1c5a74c901||Sequence: ve11b/master r/93e61f0; Jul 21 2016 00:18:29 by eja",
  "ConsistencyInfo": "N4_VE11B_LATEST_20150530",
  "PercentPhaseFOV": 100,
  "EchoTrainLength": 90,
  "PhaseEncodingSteps": 90,
  "AcquisitionMatrixPE": 90,
  "ReconMatrixPE": 90,
  "BandwidthPerPixelPhaseEncode": 18.832,
  "EffectiveEchoSpacing": 0.000590012,
  "DerivedVendorReportedEchoSpacing": 0.000590012,
  "TotalReadoutTime": 0.0525111,
  "PixelBandwidth": 2220,
  "DwellTime": 2.5e-06,
  "PhaseEncodingDirection": "j-",
  "SliceTiming": [
    0,
    0.08,
    0.1575,
    0.2375,
    0.315,
    0.395,
    0.4725,
    0.5525,
    0.63,
    0.71,
    0.7875,
    0.8675,
    0.945,
    1.025,
    1.1025,
    1.18,
    1.26,
    1.3375,
    1.4175,
    1.495,
    1.575,
    1.6525,
    1.7325,
    1.81,
    1.89,
    1.9675,
    2.0475,
    2.125,
    2.2025,
    2.2825,
    2.36,
    2.44,
    2.5175,
    2.5975,
    2.675,
    2.755,
    2.8325,
    2.9125,
    2.99,
    3.07,
    3.1475,
    3.2275,
    3.305,
    3.3825,
    3.4625,
    3.54,
    3.62,
    3.6975,
    3.7775,
    3.855,
    3.935,
    4.0125,
    4.0925,
    4.17,
    4.25,
    4.3275,
    4.405,
    4.485,
    4.5625,
    4.6425
  ],
  "ImageOrientationPatientDICOM": [
    0.99787,
    0.0108861,
    -0.0643167,
    -0.039032,
    0.889635,
    -0.455002
  ],
  "InPlanePhaseEncodingDirectionDICOM": "COL",
  "ConversionSoftware": "dcm2niix",
  "ConversionSoftwareVersion": "v1.0.20190902",
  "TaskName": "Rest"
}