{
  "Modality": "MR",
  "MagneticFieldStrength": 3,
  "ImagingFrequency": 123.247,
  "Manufacturer": "Siemens",
  "ManufacturersModelName": "Prisma_fit",
  "InstitutionName": "Washington_University",
  "InstitutionalDepartmentName": "Department",
  "InstitutionAddress": "Scott_Ave_4525_St._Louis_MO_US_63110",
  "DeviceSerialNumber": "67064",
  "StationName": "MRC35177",
  "BodyPartExamined": "HEAD",
  "PatientPosition": "HFS",
  "ProcedureStepDescription": "head_Braver",
  "SoftwareVersions": "syngo_MR_E11",
  "MRAcquisitionType": "2D",
  "SeriesDescription": "rfMRI_Rest4_PA_SBRef",
  "ProtocolName": "rfMRI_Rest4_PA",
  "ScanningSequence": "EP",
  "SequenceVariant": "SK_SS",
  "ScanOptions": "FS_EXT",
  "SequenceName": "epfid2d1_90",
  "ImageType": [
    "ORIGINAL",
    "PRIMARY",
    "M",
    "ND",
    "MOSAIC"
  ],
  "SeriesNumber": 37,
  "AcquisitionTime": "20:37:4.537500",
  "AcquisitionNumber": 1,
  "ImageComments": "Single-band_reference",
  "SliceThickness": 2.4,
  "SpacingBetweenSlices": 2.4,
  "SAR": 0.0734683,
  "EchoTime": 0.033,
  "RepetitionTime": 1.2,
  "FlipAngle": 63,
  "PartialFourier": 1,
  "BaseResolution": 90,
  "ShimSetting": [
    -1990,
    -11464,
    5802,
    554,
    47,
    387,
    -26,
    -42
  ],
  "TxRefAmp": 245.053,
  "PhaseResolution": 1,
  "VendorReportedEchoSpacing": 0.00059,
  "ReceiveCoilName": "Head_32",
  "ReceiveCoilActiveElements": "HEP",
  "PulseSequenceDetails": "%CustomerSeq%_cmrr_mbep2d_bold",
  "WipMemBlock": "ad316eed-4059-4a75-89ee-65936321a3fa||Sequence: ve11b/master r/93e61f0; Jul 21 2016 00:18:29 by eja",
  "ConsistencyInfo": "N4_VE11B_LATEST_20150530",
  "PercentPhaseFOV": 100,
  "EchoTrainLength": 90,
  "PhaseEncodingSteps": 90,
  "AcquisitionMatrixPE": 90,
  "ReconMatrixPE": 90,
  "BandwidthPerPixelPhaseEncode": 18.832,
  "EffectiveEchoSpacing": 0.000590012,
  "DerivedVendorReportedEchoSpacing": 0.000590012,
  "TotalReadoutTime": 0.0525111,
  "PixelBandwidth": 2220,
  "DwellTime": 2.5e-06,
  "PhaseEncodingDirection": "j",
  "SliceTiming": [
    0,
    0.0775,
    0.1575,
    0.235,
    0.315,
    0.3925,
    0.4725,
    0.55,
    0.63,
    0.7075,
    0.7875,
    0.865,
    0.945,
    1.0225,
    1.1,
    1.18,
    1.2575,
    1.3375,
    1.415,
    1.495,
    1.5725,
    1.6525,
    1.73,
    1.81,
    1.8875,
    1.9675,
    2.045,
    2.125,
    2.2025,
    2.28,
    2.36,
    2.4375,
    2.5175,
    2.595,
    2.675,
    2.7525,
    2.8325,
    2.91,
    2.99,
    3.0675,
    3.1475,
    3.225,
    3.3025,
    3.3825,
    3.46,
    3.54,
    3.6175,
    3.6975,
    3.775,
    3.855,
    3.9325,
    4.0125,
    4.09,
    4.17,
    4.2475,
    4.325,
    4.405,
    4.4825,
    4.5625,
    4.64
  ],
  "ImageOrientationPatientDICOM": [
    0.99787,
    0.0108861,
    -0.0643167,
    -0.039032,
    0.889635,
    -0.455002
  ],
  "InPlanePhaseEncodingDirectionDICOM": "COL",
  "ConversionSoftware": "dcm2niix",
  "ConversionSoftwareVersion": "v1.0.20190902",
  "TaskName": "Rest"
}