{
  "Modality": "MR",
  "MagneticFieldStrength": 3,
  "ImagingFrequency": 123.247,
  "Manufacturer": "Siemens",
  "ManufacturersModelName": "Prisma_fit",
  "InstitutionName": "Washington_University",
  "InstitutionalDepartmentName": "Department",
  "InstitutionAddress": "Scott_Ave_4525_St._Louis_MO_US_63110",
  "DeviceSerialNumber": "67064",
  "StationName": "MRC35177",
  "BodyPartExamined": "HEAD",
  "PatientPosition": "HFS",
  "ProcedureStepDescription": "head_Braver",
  "SoftwareVersions": "syngo_MR_E11",
  "MRAcquisitionType": "2D",
  "SeriesDescription": "rfMRI_Rest4_PA",
  "ProtocolName": "rfMRI_Rest4_PA",
  "ScanningSequence": "EP",
  "SequenceVariant": "SK_SS",
  "ScanOptions": "FS_EXT",
  "SequenceName": "epfid2d1_90",
  "ImageType": [
    "ORIGINAL",
    "PRIMARY",
    "M",
    "MB",
    "ND",
    "MOSAIC"
  ],
  "SeriesNumber": 30,
  "AcquisitionTime": "07:37:18.177500",
  "AcquisitionNumber": 1,
  "ImageComments": "Unaliased_MB4_PE3_LB",
  "SliceThickness": 2.4,
  "SpacingBetweenSlices": 2.4,
  "SAR": 0.0626778,
  "EchoTime": 0.033,
  "RepetitionTime": 1.2,
  "FlipAngle": 63,
  "PartialFourier": 1,
  "BaseResolution": 90,
  "ShimSetting": [
    -1976,
    -11480,
    5888,
    625,
    54,
    298,
    122,
    -1
  ],
  "TxRefAmp": 239.469,
  "PhaseResolution": 1,
  "VendorReportedEchoSpacing": 0.00059,
  "ReceiveCoilName": "Head_32",
  "ReceiveCoilActiveElements": "HEA;HEP",
  "PulseSequenceDetails": "%CustomerSeq%_cmrr_mbep2d_bold",
  "WipMemBlock": "6e5c728a-b705-4f50-8ef4-ad2ad6da3f1d||Sequence: R016 ve11c/master r/e634e98; Dec 19 2017 11:00:25 by eja",
  "ConsistencyInfo": "N4_VE11C_LATEST_20160120",
  "MultibandAccelerationFactor": 4,
  "PercentPhaseFOV": 100,
  "EchoTrainLength": 90,
  "PhaseEncodingSteps": 90,
  "AcquisitionMatrixPE": 90,
  "ReconMatrixPE": 90,
  "BandwidthPerPixelPhaseEncode": 18.832,
  "EffectiveEchoSpacing": 0.000590012,
  "DerivedVendorReportedEchoSpacing": 0.000590012,
  "TotalReadoutTime": 0.0525111,
  "PixelBandwidth": 2220,
  "DwellTime": 2.5e-06,
  "PhaseEncodingDirection": "j",
  "SliceTiming": [
    0,
    0.63,
    0.08,
    0.7075,
    0.1575,
    0.7875,
    0.2375,
    0.865,
    0.315,
    0.945,
    0.395,
    1.0225,
    0.4725,
    1.1025,
    0.55,
    0,
    0.63,
    0.08,
    0.7075,
    0.1575,
    0.7875,
    0.2375,
    0.865,
    0.315,
    0.945,
    0.395,
    1.0225,
    0.4725,
    1.1025,
    0.55,
    0,
    0.63,
    0.08,
    0.7075,
    0.1575,
    0.7875,
    0.2375,
    0.865,
    0.315,
    0.945,
    0.395,
    1.0225,
    0.4725,
    1.1025,
    0.55,
    0,
    0.63,
    0.08,
    0.7075,
    0.1575,
    0.7875,
    0.2375,
    0.865,
    0.315,
    0.945,
    0.395,
    1.0225,
    0.4725,
    1.1025,
    0.55
  ],
  "ImageOrientationPatientDICOM": [
    0.997742,
    -0.0239632,
    0.0627398,
    0.0405968,
    0.959382,
    -0.279173
  ],
  "InPlanePhaseEncodingDirectionDICOM": "COL",
  "ConversionSoftware": "dcm2niix",
  "ConversionSoftwareVersion": "v1.0.20190902",
  "TaskName": "Rest"
}