{
  "Modality": "MR",
  "MagneticFieldStrength": 3,
  "ImagingFrequency": 123.247,
  "Manufacturer": "Siemens",
  "ManufacturersModelName": "Prisma_fit",
  "InstitutionName": "Washington_University",
  "InstitutionalDepartmentName": "Department",
  "InstitutionAddress": "Scott_Ave_4525_St._Louis_MO_US_63110",
  "DeviceSerialNumber": "67064",
  "StationName": "MRC35177",
  "BodyPartExamined": "HEAD",
  "PatientPosition": "HFS",
  "ProcedureStepDescription": "head_Braver",
  "SoftwareVersions": "syngo_MR_E11",
  "MRAcquisitionType": "2D",
  "SeriesDescription": "rfMRI_Rest6_PA",
  "ProtocolName": "rfMRI_Rest6_PA",
  "ScanningSequence": "EP",
  "SequenceVariant": "SK_SS",
  "ScanOptions": "FS_EXT",
  "SequenceName": "epfid2d1_90",
  "ImageType": [
    "ORIGINAL",
    "PRIMARY",
    "M",
    "MB",
    "ND",
    "MOSAIC"
  ],
  "SeriesNumber": 22,
  "AcquisitionTime": "15:35:32.207500",
  "AcquisitionNumber": 1,
  "ImageComments": "Unaliased_MB4_PE3_LB",
  "SliceThickness": 2.4,
  "SpacingBetweenSlices": 2.4,
  "SAR": 0.0811195,
  "EchoTime": 0.033,
  "RepetitionTime": 1.2,
  "FlipAngle": 63,
  "PartialFourier": 1,
  "BaseResolution": 90,
  "ShimSetting": [
    -1985,
    -11499,
    5811,
    529,
    54,
    152,
    -42,
    15
  ],
  "TxRefAmp": 252.883,
  "PhaseResolution": 1,
  "VendorReportedEchoSpacing": 0.00059,
  "ReceiveCoilName": "Head_32",
  "ReceiveCoilActiveElements": "HEA;HEP",
  "PulseSequenceDetails": "%CustomerSeq%_cmrr_mbep2d_bold",
  "WipMemBlock": "b7f07b06-5267-4ba0-9207-d6de3017683a||Sequence: ve11c/master r/068cfa9; Jul 21 2016 14:39:26 by eja",
  "ConsistencyInfo": "N4_VE11C_LATEST_20160120",
  "MultibandAccelerationFactor": 4,
  "PercentPhaseFOV": 100,
  "EchoTrainLength": 90,
  "PhaseEncodingSteps": 90,
  "AcquisitionMatrixPE": 90,
  "ReconMatrixPE": 90,
  "BandwidthPerPixelPhaseEncode": 18.832,
  "EffectiveEchoSpacing": 0.000590012,
  "DerivedVendorReportedEchoSpacing": 0.000590012,
  "TotalReadoutTime": 0.0525111,
  "PixelBandwidth": 2220,
  "DwellTime": 2.5e-06,
  "PhaseEncodingDirection": "j",
  "SliceTiming": [
    0,
    0.63,
    0.08,
    0.71,
    0.1575,
    0.7875,
    0.2375,
    0.8675,
    0.315,
    0.945,
    0.395,
    1.025,
    0.4725,
    1.1025,
    0.5525,
    0,
    0.63,
    0.08,
    0.71,
    0.1575,
    0.7875,
    0.2375,
    0.8675,
    0.315,
    0.945,
    0.395,
    1.025,
    0.4725,
    1.1025,
    0.5525,
    0,
    0.63,
    0.08,
    0.71,
    0.1575,
    0.7875,
    0.2375,
    0.8675,
    0.315,
    0.945,
    0.395,
    1.025,
    0.4725,
    1.1025,
    0.5525,
    0,
    0.63,
    0.08,
    0.71,
    0.1575,
    0.7875,
    0.2375,
    0.8675,
    0.315,
    0.945,
    0.395,
    1.025,
    0.4725,
    1.1025,
    0.5525
  ],
  "ImageOrientationPatientDICOM": [
    0.998512,
    0.0350368,
    0.041782,
    -0.014117,
    0.906227,
    -0.422556
  ],
  "InPlanePhaseEncodingDirectionDICOM": "COL",
  "ConversionSoftware": "dcm2niix",
  "ConversionSoftwareVersion": "v1.0.20190902",
  "TaskName": "Rest"
}