{
  "Modality": "MR",
  "MagneticFieldStrength": 3,
  "ImagingFrequency": 123.247,
  "Manufacturer": "Siemens",
  "ManufacturersModelName": "Prisma_fit",
  "InstitutionName": "Washington_University",
  "InstitutionalDepartmentName": "Department",
  "InstitutionAddress": "Scott_Ave_4525_St._Louis_MO_US_63110",
  "DeviceSerialNumber": "67064",
  "StationName": "MRC35177",
  "BodyPartExamined": "HEAD",
  "PatientPosition": "HFS",
  "ProcedureStepDescription": "head_Braver",
  "SoftwareVersions": "syngo_MR_E11",
  "MRAcquisitionType": "2D",
  "SeriesDescription": "SpinEchoFieldMap_AP",
  "ProtocolName": "SpinEchoFieldMap_AP",
  "ScanningSequence": "EP",
  "SequenceVariant": "SK",
  "ScanOptions": "FS",
  "SequenceName": "epse2d1_90",
  "ImageType": [
    "ORIGINAL",
    "PRIMARY",
    "M",
    "ND",
    "MOSAIC"
  ],
  "SeriesNumber": 37,
  "AcquisitionTime": "18:03:20.125000",
  "AcquisitionNumber": 1,
  "SliceThickness": 2.4,
  "SpacingBetweenSlices": 2.4,
  "SAR": 0.190502,
  "EchoTime": 0.06,
  "RepetitionTime": 6.1,
  "FlipAngle": 90,
  "PartialFourier": 1,
  "BaseResolution": 90,
  "ShimSetting": [
    -1998,
    -11485,
    5852,
    453,
    42,
    206,
    150,
    -21
  ],
  "TxRefAmp": 249.319,
  "PhaseResolution": 1,
  "VendorReportedEchoSpacing": 0.00059,
  "ReceiveCoilName": "Head_32",
  "ReceiveCoilActiveElements": "HEA;HEP",
  "PulseSequenceDetails": "%CustomerSeq%_cmrr_mbep2d_se",
  "WipMemBlock": "88ff1d1e-9572-4e12-9e2a-744d6ceafbef||Sequence: ve11b/master r/93e61f0; Jul 21 2016 00:19:18 by eja",
  "ConsistencyInfo": "N4_VE11B_LATEST_20150530",
  "PercentPhaseFOV": 100,
  "EchoTrainLength": 90,
  "PhaseEncodingSteps": 90,
  "AcquisitionMatrixPE": 90,
  "ReconMatrixPE": 90,
  "BandwidthPerPixelPhaseEncode": 18.832,
  "EffectiveEchoSpacing": 0.000590012,
  "DerivedVendorReportedEchoSpacing": 0.000590012,
  "TotalReadoutTime": 0.0525111,
  "PixelBandwidth": 2220,
  "DwellTime": 2.5e-06,
  "PhaseEncodingDirection": "j-",
  "SliceTiming": [
    3.04,
    0,
    3.1425,
    0.1025,
    3.2425,
    0.2025,
    3.345,
    0.305,
    3.445,
    0.405,
    3.5475,
    0.5075,
    3.6475,
    0.6075,
    3.75,
    0.71,
    3.85,
    0.81,
    3.9525,
    0.9125,
    4.0525,
    1.0125,
    4.155,
    1.115,
    4.255,
    1.215,
    4.3575,
    1.3175,
    4.46,
    1.42,
    4.56,
    1.52,
    4.6625,
    1.6225,
    4.7625,
    1.7225,
    4.865,
    1.825,
    4.965,
    1.925,
    5.0675,
    2.0275,
    5.1675,
    2.1275,
    5.27,
    2.23,
    5.37,
    2.33,
    5.4725,
    2.4325,
    5.5725,
    2.5325,
    5.675,
    2.635,
    5.775,
    2.735,
    5.8775,
    2.8375,
    5.9775,
    2.94
  ],
  "ImageOrientationPatientDICOM": [
    0.99977,
    -0.00870531,
    0.0196038,
    0.0150075,
    0.93688,
    -0.34933
  ],
  "InPlanePhaseEncodingDirectionDICOM": "COL",
  "ConversionSoftware": "dcm2niix",
  "ConversionSoftwareVersion": "v1.0.20181125  GCC5.4.0",
  "IntendedFor": [
    "ses-wave1bas/func/sub-f1659oa_ses-wave1bas_task-Axcpt_acq-mb4PA_run-2_bold.nii.gz",
    "ses-wave1bas/func/sub-f1659oa_ses-wave1bas_task-Stern_acq-mb4PA_run-2_bold.nii.gz"
  ]
}
