{
  "Modality": "MR",
  "MagneticFieldStrength": 3,
  "ImagingFrequency": 123.247,
  "Manufacturer": "Siemens",
  "ManufacturersModelName": "Prisma_fit",
  "InstitutionName": "Washington_University",
  "InstitutionalDepartmentName": "Department",
  "InstitutionAddress": "Scott_Ave_4525_St._Louis_MO_US_63110",
  "DeviceSerialNumber": "67064",
  "StationName": "MRC35177",
  "BodyPartExamined": "HEAD",
  "PatientPosition": "HFS",
  "ProcedureStepDescription": "head_Braver",
  "SoftwareVersions": "syngo_MR_E11",
  "MRAcquisitionType": "2D",
  "SeriesDescription": "SpinEchoFieldMap_AP",
  "ProtocolName": "SpinEchoFieldMap_AP",
  "ScanningSequence": "EP",
  "SequenceVariant": "SK",
  "ScanOptions": "FS",
  "SequenceName": "epse2d1_90",
  "ImageType": [
    "ORIGINAL",
    "PRIMARY",
    "M",
    "ND",
    "MOSAIC"
  ],
  "SeriesNumber": 9,
  "AcquisitionTime": "18:40:51.810000",
  "AcquisitionNumber": 1,
  "SliceThickness": 2.4,
  "SpacingBetweenSlices": 2.4,
  "SAR": 0.171698,
  "EchoTime": 0.06,
  "RepetitionTime": 6.1,
  "FlipAngle": 90,
  "PartialFourier": 1,
  "BaseResolution": 90,
  "ShimSetting": [
    -1990,
    -11486,
    5837,
    497,
    57,
    292,
    104,
    -37
  ],
  "TxRefAmp": 244.111,
  "PhaseResolution": 1,
  "VendorReportedEchoSpacing": 0.00059,
  "ReceiveCoilName": "Head_32",
  "ReceiveCoilActiveElements": "HEA;HEP",
  "PulseSequenceDetails": "%CustomerSeq%_cmrr_mbep2d_se",
  "WipMemBlock": "1072982a-7b43-4a5c-b880-73a229d68bfc||Sequence: ve11c/master r/068cfa9; Jul 21 2016 14:59:29 by eja",
  "ConsistencyInfo": "N4_VE11C_LATEST_20160120",
  "PercentPhaseFOV": 100,
  "EchoTrainLength": 90,
  "PhaseEncodingSteps": 90,
  "AcquisitionMatrixPE": 90,
  "ReconMatrixPE": 90,
  "BandwidthPerPixelPhaseEncode": 18.832,
  "EffectiveEchoSpacing": 0.000590012,
  "DerivedVendorReportedEchoSpacing": 0.000590012,
  "TotalReadoutTime": 0.0525111,
  "PixelBandwidth": 2220,
  "DwellTime": 2.5e-06,
  "PhaseEncodingDirection": "j-",
  "SliceTiming": [
    3.04,
    0,
    3.14,
    0.1,
    3.2425,
    0.2025,
    3.3425,
    0.3025,
    3.445,
    0.405,
    3.545,
    0.505,
    3.6475,
    0.6075,
    3.7475,
    0.7075,
    3.85,
    0.81,
    3.95,
    0.9125,
    4.0525,
    1.0125,
    4.155,
    1.115,
    4.255,
    1.215,
    4.3575,
    1.3175,
    4.4575,
    1.4175,
    4.56,
    1.52,
    4.66,
    1.62,
    4.7625,
    1.7225,
    4.8625,
    1.8225,
    4.965,
    1.925,
    5.065,
    2.025,
    5.1675,
    2.1275,
    5.2675,
    2.2275,
    5.37,
    2.33,
    5.47,
    2.4325,
    5.5725,
    2.5325,
    5.675,
    2.635,
    5.775,
    2.735,
    5.8775,
    2.8375,
    5.9775,
    2.9375
  ],
  "ImageOrientationPatientDICOM": [
    0.998753,
    -0.00837752,
    0.0492107,
    0.026851,
    0.921214,
    -0.388128
  ],
  "InPlanePhaseEncodingDirectionDICOM": "COL",
  "ConversionSoftware": "dcm2niix",
  "ConversionSoftwareVersion": "v1.0.20190902",
  "IntendedFor": "ses-wave1rea/func/sub-f1659oa_ses-wave1rea_task-Rest_acq-mb4PA_run-2_bold.nii.gz"
}
